[System]
Scanner=SkyScan1173
Instrument S/N=11Z05010
Hardware version=Customized:horizontal gantry scanner
Software=Version 1. 6 (build 23)
Home directory=C:\Skyscan\1173
Source Type=Hamamatsu 130/300
Camera=FlatPanel Sensor
Camera Pixel Size (um)=50.0
CameraXYRatio=1.0000
Incl.in lifting (um/mm)=0.0000
[Acquisition]
Data directory=E:\Carbonized01\Carbonized01-45kV
Filename Prefix=carbonized01-45kV_
Number of Files= 2400
Source Voltage (kV)=  45
Source Current (uA)= 177
Number of Rows= 2240
Number of Columns= 2240
Image crop origin X=   0
Image crop origin Y=0
Camera binning=1x1
Image Rotation=0.0800
Gantry direction=CC
Number of connected scans=1
Image Pixel Size (um)=26.337838
Scaled Image Pixel Size (um)=26.337838
Object to Source (mm)=194.900
Camera to Source (mm)=370.000
Vertical Object Position (mm)=0.000
Optical Axis (line)=1120
Filter=User filter
Image Format=TIFF
Depth (bits)=16
Screen LUT=0
Exposure (ms)=  2500
Rotation Step (deg)=0.150
Frame Averaging=ON (10)
Random Movement=OFF (10)
Use 360 Rotation=YES
Partial width=100
FF updating interval=0
Geometrical Correction=OFF
Camera Offset=OFF
Median Filtering=OFF
Flat Field Correction=ON
Rotation Direction=CC
Scanning Trajectory=ROUND
Type Of Motion=STEP AND SHOOT
Study Date and Time=Oct 25, 2018  07:35:34
Scan duration=18:25:43
Maximum vertical TS=0.0
Maximum horizontal TS=0.0
TS modified at=October25,08:34:02 ---  2400 of 2400 projections
TS modified according to=E:\Carbonized01\Carbonized01-45kV\carbonized01-45kV__TS.csv
TS modified at level=0
[Reconstruction]
Reconstruction Program=NRecon
Program Version=Version: 1.7.1.6
Program Home Directory=C:\Skyscan\nrecon
Reconstruction engine=GPUReconServer
Engine version=Version: 1.7.1
Reconstruction from batch=Yes
Postalignment Applied=1
Postalignment=-30.00
Reconstruction servers= DESKTOP-V8JPNDT 
Dataset Origin=SkyScan1173
Dataset Prefix=carbonized01-45kV_
Dataset Directory=E:\Carbonized01\Carbonized01-45kV
Output Directory=E:\Carbonized01\Carbonized01-45kV\Carbonized01-45kV_rec
Time and Date=Oct 25, 2018  10:07:11
First Section=167
Last Section=2072
Reconstruction duration per slice (seconds)=2.528332
Total reconstruction time (1906 slices) in seconds=4819.000000
Section to Section Step=1
Sections Count=1906
Result File Type=TIF
Result File Header Length (bytes)=12
Result Image Width (pixels)=2240
Result Image Height (pixels)=2240
Pixel Size (um)=26.33784
Reconstruction Angular Range (deg)=360.00
Use 180+=OFF
Angular Step (deg)=0.1500
Smoothing=0
Ring Artifact Correction=3
Draw Scales=OFF
Object Bigger than FOV=ON
Reconstruction from ROI=OFF
Filter cutoff relative to Nyquist frequency=100
Filter type=0
Filter type description=Hamming (Alpha=0.54)
Undersampling factor=1
Threshold for defect pixel mask (%)=0
Beam Hardening Correction (%)=0
CS Static Rotation (deg)=0.00
CS Static Rotation Total(deg)=0.00
Minimum for CS to Image Conversion=0.000150
Maximum for CS to Image Conversion=0.003500
HU Calibration=OFF
BMP LUT=0
Cone-beam Angle Horiz.(deg)=17.212948
Cone-beam Angle Vert.(deg)=17.212948
[File name convention]
Filename Index Length=4
Filename Prefix=carbonized01-45kV__rec
